GEM
  remote: https://rubygems.org/
  specs:
    scss_lint_reporter_checkstyle (0.2.0)

PLATFORMS
  ruby

DEPENDENCIES
  scss_lint_reporter_checkstyle

BUNDLED WITH
   1.17.2
